GEM
  remote: http://rubygems.org/
  specs:
    closure (1.4.3)
      rack (>= 1.0.0)
    coffee-script (2.2.0)
      coffee-script-source
      execjs
    coffee-script-source (1.2.0)
    execjs (1.3.0)
      multi_json (~> 1.0)
    hike (1.2.1)
    jasmine-core (1.1.0)
    jasmine-headless-webkit (0.9.0.rc1)
      coffee-script
      jasmine-core (~> 1.1)
      multi_json
      rainbow
      sprockets (~> 2)
    jasmine-spec-extras (0.0.2)
    multi_json (1.2.0)
    rack (1.4.1)
    rainbow (1.1.3)
    rake (0.9.2.2)
    sprockets (2.4.0)
      hike (~> 1.2)
      multi_json (~> 1.0)
      rack (~> 1.0)
      tilt (~> 1.1, != 1.3.0)
    tilt (1.3.3)
    yuicompressor (1.2.0)

PLATFORMS
  ruby

DEPENDENCIES
  closure (~> 1.4.3)
  coffee-script-source (~> 1.2.0)
  jasmine-headless-webkit (= 0.9.0rc1)
  jasmine-spec-extras (= 0.0.2)
  rake (~> 0.9.2)
  yuicompressor (~> 1.2.0)
